GEM
  remote: http://rubygems.org/
  specs:
    flay (2.4.0)
      ruby_parser (~> 3.0)
      sexp_processor (~> 4.0)
    flog (4.2.0)
      ruby_parser (~> 3.1, > 3.1.0)
      sexp_processor (~> 4.4)
    rack (1.5.2)
    rack-protection (1.5.2)
      rack
    ruby_parser (3.4.0)
      sexp_processor (~> 4.1)
    sexp_processor (4.4.1)
    sinatra (1.4.4)
      rack (~> 1.4)
      rack-protection (~> 1.4)
      tilt (~> 1.3, >= 1.3.4)
    tilt (1.4.1)

PLATFORMS
  ruby

DEPENDENCIES
  flay
  flog
  ruby_parser
  sinatra
